GEM
  remote: http://rubygems.org/
  specs:
    abstract (1.0.0)
    actionmailer (3.0.0)
      actionpack (= 3.0.0)
      mail (~> 2.2.5)
    actionpack (3.0.0)
      activemodel (= 3.0.0)
      activesupport (= 3.0.0)
      builder (~> 2.1.2)
      erubis (~> 2.6.6)
      i18n (~> 0.4.1)
      rack (~> 1.2.1)
      rack-mount (~> 0.6.12)
      rack-test (~> 0.5.4)
      tzinfo (~> 0.3.23)
    activemodel (3.0.0)
      activesupport (= 3.0.0)
      builder (~> 2.1.2)
      i18n (~> 0.4.1)
    activerecord (3.0.0)
      activemodel (= 3.0.0)
      activesupport (= 3.0.0)
      arel (~> 1.0.0)
      tzinfo (~> 0.3.23)
    activeresource (3.0.0)
      activemodel (= 3.0.0)
      activesupport (= 3.0.0)
    activesupport (3.0.0)
    arel (1.0.1)
      activesupport (~> 3.0.0)
    barista (0.5.1)
      open4
    barista_growl (0.1.0)
      barista
      growl
    builder (2.1.2)
    closure-compiler (0.3.2)
    columnize (0.3.2)
    compass (0.10.5)
      haml (>= 3.0.4)
    configatron (2.6.3)
      yamler (>= 0.1.0)
    cover_me (1.0.0.pre4)
      configatron
      hashie
    diff-lcs (1.1.2)
    erubis (2.6.6)
      abstract (>= 1.0.0)
    growl (1.0.3)
    haml (3.0.18)
    hashie (0.4.0)
    i18n (0.4.1)
    jammit (0.5.3)
      closure-compiler (>= 0.1.0)
      yui-compressor (>= 0.9.1)
    jquery-rails (0.2.4)
      rails (~> 3.0)
    linecache (0.43)
    mail (2.2.6.1)
      activesupport (>= 2.3.6)
      mime-types
      treetop (>= 1.4.5)
    metaid (1.0)
    mime-types (1.16)
    open4 (0.9.6)
    polyglot (0.3.1)
    rack (1.2.1)
    rack-cache (0.5.3)
      rack (>= 0.4)
    rack-mount (0.6.13)
      rack (>= 1.0.0)
    rack-rewrite (1.0.1)
    rack-test (0.5.5)
      rack (>= 1.0)
    rails (3.0.0)
      actionmailer (= 3.0.0)
      actionpack (= 3.0.0)
      activerecord (= 3.0.0)
      activeresource (= 3.0.0)
      activesupport (= 3.0.0)
      bundler (~> 1.0.0)
      railties (= 3.0.0)
    railties (3.0.0)
      actionpack (= 3.0.0)
      activesupport (= 3.0.0)
      rake (>= 0.8.4)
      thor (~> 0.14.0)
    rake (0.8.7)
    rake-remote_task (2.0.2)
      open4 (~> 0.9.0)
      rake (~> 0.8.0)
    rspec (2.0.0.beta.22)
      rspec-core (= 2.0.0.beta.22)
      rspec-expectations (= 2.0.0.beta.22)
      rspec-mocks (= 2.0.0.beta.22)
    rspec-core (2.0.0.beta.22)
    rspec-expectations (2.0.0.beta.22)
      diff-lcs (>= 1.1.2)
    rspec-mocks (2.0.0.beta.22)
      rspec-core (= 2.0.0.beta.22)
      rspec-expectations (= 2.0.0.beta.22)
    rspec-rails (2.0.0.beta.22)
      rspec (= 2.0.0.beta.22)
    ruby-debug (0.10.4)
      columnize (>= 0.1)
      ruby-debug-base (~> 0.10.4.0)
    ruby-debug-base (0.10.4)
      linecache (>= 0.3)
    simple_form (1.3.0)
      rails (~> 3.0.0)
    sqlite3-ruby (1.3.1)
    thor (0.14.1)
    transitions (0.0.9)
    treetop (1.4.8)
      polyglot (>= 0.3.1)
    tzinfo (0.3.23)
    vlad (2.1.0)
      open4 (~> 0.9.0)
      rake (~> 0.8.0)
      rake-remote_task (~> 2.0)
    vlad-git (2.2.0)
      vlad (>= 2.1.0)
    vlad-nginx (1.0.0)
      vlad (~> 2)
    web-app-theme (0.6.2)
    yamler (0.1.0)
    yui-compressor (0.9.1)

PLATFORMS
  ruby

DEPENDENCIES
  barista (~> 0.5.0)
  barista_growl
  compass (~> 0.10.5)
  cover_me (~> 1.0.0)
  haml (~> 3.0.18)
  jammit (~> 0.5.3)
  jquery-rails
  metaid (~> 1.0)
  rack-cache (~> 0.5.3)
  rack-rewrite (~> 1.0.0)
  rails (~> 3.0.0)
  rspec-rails (~> 2.0.0.beta.22)
  ruby-debug
  simple_form
  sqlite3-ruby
  transitions (~> 0.0.9)
  vlad
  vlad-git (~> 2.2.0)
  vlad-nginx (~> 1)
  web-app-theme (>= 0.6.2)
